RESTRICTION: == net40
NUGET
  remote: https://www.nuget.org/api/v2
    doboz4net (1.0.1)
    lz4net (1.0.15.93)
    ManyConsole (1.0.0.4)
      Mono.Options (>= 5.3)
    Mono.Cecil (0.9.5.4)
    Mono.Options (5.3.0.1)
    NDesk.Options (0.2.1)
    NLog (4.5.10)
