NUGET
  remote: https://nuget.org/api/v2
  specs:
    doboz4net (1.0.1) - framework: >= net40
    FAKE (4.7.2)
    lz4net (1.0.9.93) - framework: >= net40
    ManyConsole (0.4.2.17) - framework: >= net40
      NDesk.Options (>= 0.2)
    Mono.Cecil (0.9.5.4) - framework: >= net40
    NDesk.Options (0.2.1) - framework: >= net40
    NLog (4.1.2) - framework: >= net40
